GEM
  remote: http://rubygems.org/
  specs:
    ansi (1.4.2)
    coderay (1.0.5)
    configatron (2.9.0)
      yamler (>= 0.1.0)
    cover_me (1.2.0)
      configatron
      hashie
    hashie (1.2.0)
    method_source (0.7.1)
    minitest (2.11.4)
    nokogiri (1.4.7)
    pry (0.9.8.4)
      coderay (~> 1.0.5)
      method_source (~> 0.7.1)
      slop (>= 2.4.4, < 3)
    pry-nav (0.2.0)
      pry (~> 0.9.8.1)
    rake (0.9.2.2)
    slop (2.4.4)
    turn (0.9.4)
      ansi
    yamler (0.1.0)

PLATFORMS
  ruby

DEPENDENCIES
  cover_me
  minitest
  nokogiri
  pry
  pry-nav
  rake
  turn
