GIT
  remote: https://github.com/scoophealth/health-data-standards.git
  revision: 12d1dfc3b9142990b6d17b1efcb3d59f8e39d2f5
  branch: scoop-develop
  specs:
    health-data-standards (2.1.4)
      builder (~> 3.0.0)
      erubis (~> 2.7.0)
      mongoid (~> 3.0.6)
      nokogiri (~> 1.5.5)
      rest-client (~> 1.6.7)
      uuid (~> 2.3.5)

GEM
  remote: http://rubygems.org/
  specs:
    activemodel (3.2.13)
      activesupport (= 3.2.13)
      builder (~> 3.0.0)
    activesupport (3.2.13)
      i18n (= 0.6.1)
      multi_json (~> 1.0)
    ansi (1.4.3)
    awesome_print (1.1.0)
    bson (1.9.1)
    bson_ext (1.9.1)
      bson (~> 1.9.1)
    builder (3.0.4)
    choice (0.1.6)
    coderay (1.0.9)
    configatron (2.13.0)
      yamler (>= 0.1.0)
    cover_me (1.2.0)
      configatron
      hashie
    erubis (2.7.0)
    faraday (0.8.7)
      multipart-post (~> 1.1)
    google-spreadsheet-ruby (0.1.8)
      nokogiri (>= 1.4.3.1)
      oauth (>= 0.3.6)
      oauth2 (>= 0.5.0)
    hashie (2.0.5)
    httpauth (0.2.0)
    i18n (0.6.1)
    jwt (0.1.8)
      multi_json (>= 1.5)
    log4r (1.1.10)
    macaddr (1.6.1)
      systemu (~> 2.5.0)
    method_source (0.8.1)
    mime-types (1.23)
    minitest (4.7.5)
    mongoid (3.0.23)
      activemodel (~> 3.1)
      moped (~> 1.2)
      origin (~> 1.0)
      tzinfo (~> 0.3.22)
    moped (1.5.0)
    multi_json (1.7.7)
    multi_xml (0.5.4)
    multipart-post (1.2.0)
    nokogiri (1.5.10)
    oauth (0.4.7)
    oauth2 (0.9.2)
      faraday (~> 0.8)
      httpauth (~> 0.2)
      jwt (~> 0.1.4)
      multi_json (~> 1.0)
      multi_xml (~> 0.5)
      rack (~> 1.2)
    origin (1.1.0)
    pry (0.9.12.2)
      coderay (~> 1.0.5)
      method_source (~> 0.8)
      slop (~> 3.4)
    pry-nav (0.2.3)
      pry (~> 0.9.10)
    rack (1.5.2)
    rake (10.1.0)
    rest-client (1.6.7)
      mime-types (>= 1.16)
    roo (1.10.1)
      choice (>= 0.1.4)
      google-spreadsheet-ruby (>= 0.1.5)
      nokogiri (>= 1.5.0)
      rubyzip (>= 0.9.4)
      spreadsheet (> 0.6.4)
      todonotes (>= 0.1.0)
    ruby-ole (1.2.11.7)
    rubyzip (0.9.9)
    slop (3.4.5)
    spreadsheet (0.6.8)
      ruby-ole (>= 1.0)
    systemu (2.5.2)
    todonotes (0.1.1)
      log4r
    turn (0.9.6)
      ansi
    tzinfo (0.3.37)
    uuid (2.3.7)
      macaddr (~> 1.0)
    yamler (0.1.0)

PLATFORMS
  ruby

DEPENDENCIES
  awesome_print
  bson_ext
  cover_me (>= 1.0.0.rc6)
  google-spreadsheet-ruby (= 0.1.8)
  health-data-standards!
  minitest (< 5.0.0)
  nokogiri
  pry
  pry-nav
  rake
  roo (= 1.10.1)
  rubyzip
  spreadsheet (= 0.6.8)
  turn
