GEM
  remote: http://rubygems.org/
  specs:
    addressable (2.2.7)
    ansi (1.4.2)
    awesome_print (1.0.2)
    choice (0.1.6)
    coderay (1.0.6)
    configatron (2.9.1)
      yamler (>= 0.1.0)
    cover_me (1.2.0)
      configatron
      hashie
    faraday (0.7.6)
      addressable (~> 2.2)
      multipart-post (~> 1.1)
      rack (~> 1.1)
    google-spreadsheet-ruby (0.1.8)
      nokogiri (>= 1.4.3.1)
      oauth (>= 0.3.6)
      oauth2 (>= 0.5.0)
    hashie (1.2.0)
    httpauth (0.1)
    log4r (1.1.10)
    method_source (0.7.1)
    minitest (2.12.1)
    multi_json (1.3.2)
    multipart-post (1.1.5)
    nokogiri (1.5.2)
    oauth (0.4.5)
    oauth2 (0.6.0)
      faraday (~> 0.7)
      httpauth (~> 0.1)
      multi_json (~> 1.0)
    pry (0.9.8.4)
      coderay (~> 1.0.5)
      method_source (~> 0.7.1)
      slop (>= 2.4.4, < 3)
    pry-nav (0.2.0)
      pry (~> 0.9.8.1)
    rack (1.4.1)
    rake (0.9.2.2)
    roo (1.10.1)
      choice (>= 0.1.4)
      google-spreadsheet-ruby (>= 0.1.5)
      nokogiri (>= 1.5.0)
      rubyzip (>= 0.9.4)
      spreadsheet (> 0.6.4)
      todonotes (>= 0.1.0)
    ruby-ole (1.2.11.3)
    rubyzip (0.9.7)
    slop (2.4.4)
    spreadsheet (0.6.8)
      ruby-ole (>= 1.0)
    todonotes (0.1.0)
      log4r
    turn (0.9.5)
      ansi
    yamler (0.1.0)

PLATFORMS
  ruby

DEPENDENCIES
  awesome_print
  cover_me (~> 1.2.0)
  google-spreadsheet-ruby (~> 0.1.8)
  minitest
  nokogiri
  pry
  pry-nav
  rake
  roo (~> 1.10.1)
  rubyzip
  spreadsheet (~> 0.6.8)
  turn
